GEM
  remote: https://rubygems.org/
  specs:
    activesupport (6.0.3.4)
      concurrent-ruby (~> 1.0, >= 1.0.2)
      i18n (>= 0.7, < 2)
      minitest (~> 5.1)
      tzinfo (~> 1.1)
      zeitwerk (~> 2.2, >= 2.2.2)
    concurrent-ruby (1.1.7)
    connection_pool (2.2.3)
    dalli (3.2.3)
    dalli-elasticache (0.2.0)
      dalli (>= 1.0.0)
    eventmachine (1.2.7)
    fake_elasticache (0.0.4)
      eventmachine
    i18n (1.8.5)
      concurrent-ruby (~> 1.0)
    minitest (5.14.2)
    thread_safe (0.3.6)
    tzinfo (1.2.8)
      thread_safe (~> 0.1)
    zeitwerk (2.4.1)

PLATFORMS
  ruby

DEPENDENCIES
  activesupport
  connection_pool
  dalli
  dalli-elasticache
  fake_elasticache

BUNDLED WITH
   2.1.2
